GEM
  remote: https://rubygems.org/
  specs:
    atomic (1.1.14)
    mini_portile (0.5.1)
    mixpanel-ruby (1.0.2)
    nokogiri (1.6.0)
      mini_portile (~> 0.5.0)
    rufus-scheduler (2.0.24)
      tzinfo (>= 0.3.22)
    thread_safe (0.1.3)
      atomic
    tzinfo (1.1.0)
      thread_safe (~> 0.1)

PLATFORMS
  ruby

DEPENDENCIES
  mixpanel-ruby
  nokogiri
  rufus-scheduler
